GEM
  remote: https://rubygems.org/
  specs:
    faraday (0.10.1)
      multipart-post (>= 1.2, < 3)
    multipart-post (2.0.0)
    thor (0.19.4)

PLATFORMS
  ruby

DEPENDENCIES
  faraday (~> 0.10.1)
  thor

BUNDLED WITH
   1.12.5
